GEM
  remote: http://rubygems.org/
  specs:
    daemons (1.1.4)
    hashie (1.0.0)

PLATFORMS
  ruby

DEPENDENCIES
  daemons (= 1.1.4)
  hashie (= 1.0.0)
