PATH
  remote: .
  specs:
    minus5_daemon (0.6.1)
      em-zeromq (= 0.3.0)
      eventmachine (= 1.0.0.beta.4)
      hashie
      json
      micro-optparse

GEM
  remote: http://rubygems.org/
  specs:
    em-zeromq (0.3.0)
      eventmachine (= 1.0.0.beta.4)
      ffi (>= 1.0.0)
      ffi-rzmq (= 0.9.3)
    eventmachine (1.0.0.beta.4)
    ffi (1.0.11)
    ffi-rzmq (0.9.3)
      ffi
    hashie (1.2.0)
    json (1.6.6)
    micro-optparse (1.1.5)

PLATFORMS
  ruby

DEPENDENCIES
  minus5_daemon!
