PATH
  remote: .
  specs:
    minus5_daemon (0.7.3)
      em-zeromq (= 0.4.1)
      eventmachine (= 1.0.0)
      hashie
      json
      micro-optparse

GEM
  remote: http://rubygems.org/
  specs:
    em-zeromq (0.4.1)
      eventmachine (>= 1.0.0)
      ffi (>= 1.0.0)
      ffi-rzmq (= 0.9.7)
    eventmachine (1.0.0)
    ffi (1.5.0)
    ffi-rzmq (0.9.7)
      ffi
    hashie (2.0.3)
    json (1.7.7)
    micro-optparse (1.1.5)

PLATFORMS
  ruby

DEPENDENCIES
  minus5_daemon!
