GEM
  remote: http://rubygems.org/
  specs:
    daemons (1.1.8)
    hashie (1.2.0)

PLATFORMS
  ruby

DEPENDENCIES
  daemons
  hashie
