PATH
  remote: .
  specs:
    minus5_daemon (0.9.1)
      eventmachine (= 1.0.8)
      hashie
      json
      micro-optparse

GEM
  remote: http://rubygems.org/
  specs:
    eventmachine (1.0.8)
    hashie (2.0.5)
    json (1.8.1)
    micro-optparse (1.1.5)

PLATFORMS
  ruby

DEPENDENCIES
  minus5_daemon!

BUNDLED WITH
   1.10.6
